{
    "TaskName": "Stim30uA10Hz",
    "Manufacturer": "Bruker BioSpin MRI GmbH",
    "ManufacturersModelName": "spect",
    "DeviceSerialNumber": "unknown",
    "StationName": "spect",
    "SoftwareVersion": "6.0.1",
    "MagneticFieldStrength": 7.055682215231468,
    "ReceiveCoilName": "VisuCoilReceiveName",
    "ReceiveCoilActiveElements": "VisuCoilReceiveType",
    "GradientSetType": "ACQ_status",
    "MRTransmitCoilSequence": {
        "Name": "VisuCoilTransmitName",
        "Manufacture": "VisuCoilTransmitManufacturer",
        "Type": "VisuCoilTransmitType"
    },
    "CoilConfigName": "ACQ_coil_config_file",
    "MatrixCoilMode": "ParallelExperiment",
    "CoilCombinationMethod": "Value was not specified",
    "PulseSequenceType": "T2S_EPI.ppg",
    "ScanningSequence": "Bruker:T2S_EPI",
    "SequenceVariant": "Both",
    "ScanOptions": {
        "RG": "No",
        "CG": "No",
        "PFF": 1,
        "PFP": 1,
        "FC": "FlowNone",
        "SP": "On",
        "FP": "FatSuppression"
    },
    "SequenceName": "fMRI_3GE",
    "PulseSequenceDetails": "fMRI_3GE",
    "NonlinearGradientCorrection": "RectilinearTraversal",
    "NumberShots": 1,
    "ParallelReductionFactorInPlane": 1,
    "ParallelAcquisitionTechnique": "Value was not specified",
    "PartialFourier": 1,
    "PartialFourierDirection": "Value was not specified",
    "PhaseEncodingDirection": "j",
    "EffectiveEchoSpacing": 7.499999999999994e-06,
    "TotalReadoutTime": 0.00023999999999999982,
    "EchoTime": 0.023,
    "RepetitionTime": 1.5,
    "InversionTime": "VisuAcqInversionTime",
    "SliceTiming": [
        0.00018355359765051394,
        0.0012848751835535977,
        0.0023861967694566812,
        0.003487518355359765,
        0.004588839941262849,
        0.0056901615271659324,
        0.0007342143906020558,
        0.0018355359765051395,
        0.002936857562408223,
        0.004038179148311307,
        0.005139500734214391,
        0.006240822320117474
    ],
    "SliceEncodingDirection": "k",
    "DwellTime": 0.00023999999999999982,
    "FlipAngle": 70,
    "MultibandAccerlationFactor": "Value was not specified",
    "AnatomicalLandmarkCoordinates": "Value was not specified",
    "InstitutionName": "Bruker",
    "InstitutionAddress": "Value was not specified",
    "InstitutionalDepartmentName": "Value was not specified"
}