{
    "TaskName": "Stim130uA40Hz",
    "Manufacturer": "Bruker BioSpin MRI GmbH",
    "ManufacturersModelName": "spect",
    "DeviceSerialNumber": "unknown",
    "StationName": "spect",
    "SoftwareVersion": "6.0.1",
    "MagneticFieldStrength": 7.055682215231468,
    "ReceiveCoilName": "VisuCoilReceiveName",
    "ReceiveCoilActiveElements": "VisuCoilReceiveType",
    "GradientSetType": "ACQ_status",
    "MRTransmitCoilSequence": {
        "Name": "VisuCoilTransmitName",
        "Manufacture": "VisuCoilTransmitManufacturer",
        "Type": "VisuCoilTransmitType"
    },
    "CoilConfigName": "ACQ_coil_config_file",
    "MatrixCoilMode": "ParallelExperiment",
    "CoilCombinationMethod": "Value was not specified",
    "PulseSequenceType": "T2S_EPI.ppg",
    "ScanningSequence": "Bruker:T2S_EPI",
    "SequenceVariant": "Both",
    "ScanOptions": {
        "RG": "No",
        "CG": "No",
        "PFF": 1,
        "PFP": 1,
        "FC": "FlowNone",
        "SP": "On",
        "FP": "FatSuppression"
    },
    "SequenceName": "fMRI_3GE",
    "PulseSequenceDetails": "fMRI_3GE",
    "NonlinearGradientCorrection": "RectilinearTraversal",
    "NumberShots": 1,
    "ParallelReductionFactorInPlane": 1,
    "ParallelAcquisitionTechnique": "Value was not specified",
    "PartialFourier":1,
    "PartialFourierDirection": "Value was not specified",
    "PhaseEncodingDirection": "j",
    "EffectiveEchoSpacing": 7.499999999999994e-06,
    "TotalReadoutTime": 0.00023999999999999982,
    "EchoTime": 0.014,
    "RepetitionTime": 1.5, 
    "InversionTime": "VisuAcqInversionTime",
    "SliceTiming": [
        0.0,
        0.0011013215859030836,
        0.002202643171806167,
        0.0033039647577092508,
        0.004405286343612334,
        0.005506607929515418,
        0.0005506607929515418,
        0.0016519823788546254,
        0.002753303964757709,
        0.0038546255506607926,
        0.004955947136563876,
        0.00605726872246696
    ],
    "SliceEncodingDirection": "k",
    "DwellTime": 0.00023999999999999982,
    "FlipAngle": 70,
    "MultibandAccerlationFactor": "Value was not specified",
    "AnatomicalLandmarkCoordinates": "Value was not specified",
    "InstitutionName": "Bruker",
    "InstitutionAddress": "Value was not specified",
    "InstitutionalDepartmentName": "Value was not specified"
}