{
    "TaskName": "Stim130uA10Hz",
    "Manufacturer": "Bruker BioSpin MRI GmbH",
    "ManufacturersModelName": "spect",
    "DeviceSerialNumber": "unknown",
    "StationName": "spect",
    "SoftwareVersion": "6.0.1",
    "MagneticFieldStrength": 7.055682215231468,
    "ReceiveCoilName": "VisuCoilReceiveName",
    "ReceiveCoilActiveElements": "VisuCoilReceiveType",
    "GradientSetType": "ACQ_status",
    "MRTransmitCoilSequence": {
        "Name": "VisuCoilTransmitName",
        "Manufacture": "VisuCoilTransmitManufacturer",
        "Type": "VisuCoilTransmitType"
    },
    "CoilConfigName": "ACQ_coil_config_file",
    "MatrixCoilMode": "ParallelExperiment",
    "CoilCombinationMethod": "Value was not specified",
    "PulseSequenceType": "T2S_EPI.ppg",
    "ScanningSequence": "Bruker:T2S_EPI",
    "SequenceVariant": "Both",
    "ScanOptions": {
        "RG": "No",
        "CG": "No",
        "PFF": 1,
        "PFP": 1,
        "FC": "FlowNone",
        "SP": "On",
        "FP": "FatSuppression"
    },
    "SequenceName": "fMRI_3GE",
    "PulseSequenceDetails": "fMRI_3GE",
    "NonlinearGradientCorrection": "RectilinearTraversal",
    "NumberShots": 1,
    "ParallelReductionFactorInPlane": 1,
    "ParallelAcquisitionTechnique": "Value was not specified",
    "PartialFourier": 1,
    "PartialFourierDirection": "Value was not specified",
    "PhaseEncodingDirection": "j",
    "EffectiveEchoSpacing": 7.499999999999994e-06,
    "TotalReadoutTime": 0.00023999999999999982,
    "EchoTime": 0.032,
    "RepetitionTime": 1.5, 
    "InversionTime": "VisuAcqInversionTime",
    "SliceTiming": [
        0.0003671071953010279,
        0.0014684287812041115,
        0.0025697503671071953,
        0.003671071953010279,
        0.0047723935389133625,
        0.005873715124816446,
        0.0009177679882525697,
        0.0020190895741556535,
        0.003120411160058737,
        0.004221732745961821,
        0.005323054331864904,
        0.006424375917767988
    ],
    "SliceEncodingDirection": "k",
    "DwellTime": 0.00023999999999999982,
    "FlipAngle": 70,
    "MultibandAccerlationFactor": "Value was not specified",
    "AnatomicalLandmarkCoordinates": "Value was not specified",
    "InstitutionName": "Bruker",
    "InstitutionAddress": "Value was not specified",
    "InstitutionalDepartmentName": "Value was not specified"
}