{
    "Manufacturer": "Bruker BioSpin MRI GmbH",
    "ManufacturersModelName": "spect",
    "DeviceSerialNumber": "unknown",
    "StationName": "spect",
    "SoftwareVersion": "6.0.1",
    "MagneticFieldStrength": 7.055682215231468,
    "ReceiveCoilName": "VisuCoilReceiveName",
    "ReceiveCoilActiveElements": "VisuCoilReceiveType",
    "GradientSetType": "ACQ_status",
    "MRTransmitCoilSequence": {
        "Name": "VisuCoilTransmitName",
        "Manufacture": "VisuCoilTransmitManufacturer",
        "Type": "VisuCoilTransmitType"
    },
    "CoilConfigName": "ACQ_coil_config_file",
    "MatrixCoilMode": "ParallelExperiment",
    "CoilCombinationMethod": "Value was not specified",
    "PulseSequenceType": "RARE.ppg",
    "ScanningSequence": "Bruker:RARE",
    "SequenceVariant": "Both",
    "ScanOptions": {
        "RG": "No",
        "CG": "No",
        "PFF": 1,
        "PFP": 1,
        "FC": "FlowNone",
        "SP": "On",
        "FP": "FatSuppression"
    },
    "SequenceName": "RARE_axial",
    "PulseSequenceDetails": "RARE_axial",
    "NonlinearGradientCorrection": "RectilinearTraversal",
    "NumberShots": 1,
    "ParallelReductionFactorInPlane": 4,
    "ParallelAcquisitionTechnique": "Value was not specified",
    "PartialFourier": [
        1,
        1
    ],
    "PartialFourierDirection": "Value was not specified",
    "PhaseEncodingDirection": "j",
    "EffectiveEchoSpacing": 1.3499999999999993e-05,
    "TotalReadoutTime": 0.0008639999999999995,
    "EchoTime": 0.04,
    "InversionTime": "VisuAcqInversionTime",
    "SliceTiming": [
        0.0,
        0.6666666666666666,
        1.3333333333333333,
        2.0,
        2.6666666666666665,
        3.333333333333333,
        0.3333333333333333,
        1.0,
        1.6666666666666665,
        2.333333333333333,
        3.0,
        3.6666666666666665
    ],
    "SliceEncodingDirection": "k",
    "DwellTime": 0.003455999999999998,
    "FlipAngle": 90,
    "MultibandAccerlationFactor": "Value was not specified",
    "AnatomicalLandmarkCoordinates": "Value was not specified",
    "InstitutionName": "Bruker",
    "InstitutionAddress": "Value was not specified",
    "InstitutionalDepartmentName": "Value was not specified"
}